GEM
  remote: https://rubygems.org/
  specs:
    date (3.4.1)
    nokogiri (1.18.8-x64-mingw-ucrt)
      racc (~> 1.4)
    open-uri (0.5.0)
      stringio
      time
      uri
    racc (1.8.1)
    stringio (3.1.7)
    time (0.4.1)
      date
    uri (1.0.3)

PLATFORMS
  x64-mingw-ucrt

DEPENDENCIES
  nokogiri
  open-uri

BUNDLED WITH
   2.6.9
